GEM
  remote: https://rubygems.org/
  specs:
    airbrake (4.1.0)
      builder
      multi_json
    builder (3.2.2)
    daemons (1.2.3)
    database_cleaner (1.5.1)
    diff-lcs (1.2.5)
    eventmachine (1.0.8)
    foreman (0.62.0)
      thor (>= 0.13.6)
    kgio (2.10.0)
    multi_json (1.11.2)
    newrelic_rpm (3.7.3.204)
    rack (1.6.4)
    rack-protection (1.5.3)
      rack
    rack-test (0.6.3)
      rack (>= 1.0)
    raindrops (0.15.0)
    rake (10.4.2)
    rspec (3.1.0)
      rspec-core (~> 3.1.0)
      rspec-expectations (~> 3.1.0)
      rspec-mocks (~> 3.1.0)
    rspec-core (3.1.7)
      rspec-support (~> 3.1.0)
    rspec-expectations (3.1.2)
      diff-lcs (>= 1.2.0, < 2.0)
      rspec-support (~> 3.1.0)
    rspec-mocks (3.1.3)
      rspec-support (~> 3.1.0)
    rspec-support (3.1.2)
    sequel (4.29.0)
    sinatra (1.4.6)
      rack (~> 1.4)
      rack-protection (~> 1.4)
      tilt (>= 1.3, < 3)
    sqlite3 (1.3.11)
    thin (1.6.4)
      daemons (~> 1.0, >= 1.0.9)
      eventmachine (~> 1.0, >= 1.0.4)
      rack (~> 1.0)
    thor (0.19.1)
    tilt (2.0.1)
    unicorn (4.8.3)
      kgio (~> 2.6)
      rack
      raindrops (~> 0.7)

PLATFORMS
  ruby

DEPENDENCIES
  airbrake (~> 4.1.0)
  database_cleaner (~> 1.5.1)
  foreman (~> 0.62.0)
  newrelic_rpm (~> 3.7.3.204)
  rack-test (~> 0.6.2)
  rake (~> 10.4.2)
  rspec (~> 3.1.0)
  sequel (~> 4.29.0)
  sinatra (~> 1.4.6)
  sqlite3 (~> 1.3.11)
  thin (~> 1.6.3)
  unicorn (~> 4.8.2)
